ObjectType = Image
NDims = 3
BinaryData = True
BinaryDataByteOrderMSB = False
CompressedData = False
TransformMatrix = 1 0 0 0 1 0 0 0 1
Offset = -145 -145 -345
CenterOfRotation = 0 0 0
ElementSpacing = 10 10 10
DimSize = 30 30 70
AnatomicalOrientation = ???
ElementType = MET_FLOAT
ElementDataFile = doz_haritasi-Dose.raw
